GEM
  remote: https://rubygems.org/
  specs:
    rack (3.1.3)

PLATFORMS
  x86_64-linux

DEPENDENCIES
  rack

BUNDLED WITH
   2.4.22
